PATH
  remote: .
  specs:
    ping-rb (0.2.0)

GEM
  remote: https://rubygems.org/
  specs:

PLATFORMS
  x86_64-linux

DEPENDENCIES
  ping-rb!

BUNDLED WITH
   2.3.15
